PATH
  remote: gems/aliot-0.0.3
  specs:
    aliot (0.0.3)

PATH
  remote: gems/datonis_client-4.2.9
  specs:
    datonis_client (4.2.9)

GEM
  remote: https://rubygems.org/
  specs:
    activesupport (5.2.8.1)
      concurrent-ruby (~> 1.0, >= 1.0.2)
      i18n (>= 0.7, < 2)
      minitest (~> 5.1)
      tzinfo (~> 1.1)
    concurrent-ruby (1.1.10)
    date (3.2.2)
    httparty (0.20.0)
      mime-types (~> 3.0)
      multi_xml (>= 0.5.2)
    i18n (1.12.0)
      concurrent-ruby (~> 1.0)
    mime-types (3.4.1)
      mime-types-data (~> 3.2015)
    mime-types-data (3.2022.0105)
    minitest (5.15.0)
    multi_xml (0.6.0)
    multipart-post (2.2.3)
    thread_safe (0.3.6)
    time (0.2.0)
      date
    tzinfo (1.2.10)
      thread_safe (~> 0.1)

PLATFORMS
  ruby

DEPENDENCIES
  activesupport (~> 5.1, >= 5.1.6)
  aliot (= 0.0.3)!
  datonis_client!
  httparty
  multipart-post (~> 2.2, >= 2.2.3)
  time

BUNDLED WITH
   1.17.3
